GEM
  remote: https://rubygems.org/
  specs:
    coverband (1.0.2)
      json
      redis
      simplecov
    coverband_ext (1.0.0)
      coverband
    docile (1.1.5)
    json (1.8.2)
    redis (3.2.1)
    simplecov (0.10.0)
      docile (~> 1.1.0)
      json (~> 1.8)
      simplecov-html (~> 0.10.0)
    simplecov-html (0.10.0)

PLATFORMS
  ruby

DEPENDENCIES
  coverband
  coverband_ext
